PATH
  remote: .
  specs:
    resque-uniqueness (0.0.3)
      redis-namespace (~> 1.8)
      resque (~> 2.3.0)
      resque-scheduler (~> 4.0)

GEM
  remote: https://rubygems.org/
  specs:
    ast (2.4.1)
    coderay (1.1.3)
    concurrent-ruby (1.1.7)
    connection_pool (2.3.0)
    diff-lcs (1.4.4)
    et-orbi (1.2.4)
      tzinfo
    fugit (1.3.9)
      et-orbi (~> 1.1, >= 1.1.8)
      raabro (~> 1.3)
    method_source (1.0.0)
    mono_logger (1.1.1)
    multi_json (1.15.0)
    mustermann (3.0.0)
      ruby2_keywords (~> 0.0.1)
    oj (3.10.16)
    ougai (1.8.5)
      oj (~> 3.10)
    parallel (1.19.2)
    parser (2.7.1.4)
      ast (~> 2.4.1)
    pry (0.13.1)
      coderay (~> 1.1)
      method_source (~> 1.0)
    raabro (1.3.1)
    rack (2.2.4)
    rack-protection (3.0.2)
      rack
    rainbow (3.0.0)
    rake (12.3.3)
    redis (5.0.5)
      redis-client (>= 0.9.0)
    redis-client (0.10.0)
      connection_pool
    redis-namespace (1.9.0)
      redis (>= 4)
    regexp_parser (1.8.0)
    resque (2.3.0)
      mono_logger (~> 1.0)
      multi_json (~> 1.0)
      redis-namespace (~> 1.6)
      sinatra (>= 0.9.2)
    resque-retry (1.7.3)
      resque (>= 1.25, < 3.0)
      resque-scheduler (~> 4.0)
    resque-scheduler (4.4.0)
      mono_logger (~> 1.0)
      redis (>= 3.3)
      resque (>= 1.26)
      rufus-scheduler (~> 3.2)
    rexml (3.2.5)
    rspec (3.9.0)
      rspec-core (~> 3.9.0)
      rspec-expectations (~> 3.9.0)
      rspec-mocks (~> 3.9.0)
    rspec-core (3.9.2)
      rspec-support (~> 3.9.3)
    rspec-expectations (3.9.2)
      diff-lcs (>= 1.2.0, < 2.0)
      rspec-support (~> 3.9.0)
    rspec-its (1.3.0)
      rspec-core (>= 3.0.0)
      rspec-expectations (>= 3.0.0)
    rspec-mocks (3.9.1)
      diff-lcs (>= 1.2.0, < 2.0)
      rspec-support (~> 3.9.0)
    rspec-support (3.9.3)
    rubocop (0.91.0)
      parallel (~> 1.10)
      parser (>= 2.7.1.1)
      rainbow (>= 2.2.2, < 4.0)
      regexp_parser (>= 1.7)
      rexml
      rubocop-ast (>= 0.4.0, < 1.0)
      ruby-progressbar (~> 1.7)
      unicode-display_width (>= 1.4.0, < 2.0)
    rubocop-ast (0.4.2)
      parser (>= 2.7.1.4)
    rubocop-rspec (1.43.2)
      rubocop (~> 0.87)
    ruby-progressbar (1.10.1)
    ruby2_keywords (0.0.5)
    rufus-scheduler (3.6.0)
      fugit (~> 1.1, >= 1.1.6)
    saharspec (0.0.7)
      ruby2_keywords
    sinatra (3.0.2)
      mustermann (~> 3.0)
      rack (~> 2.2, >= 2.2.4)
      rack-protection (= 3.0.2)
      tilt (~> 2.0)
    tilt (2.0.11)
    timecop (0.9.1)
    tzinfo (2.0.2)
      concurrent-ruby (~> 1.0)
    unicode-display_width (1.7.0)

PLATFORMS
  ruby

DEPENDENCIES
  bundler (~> 2.0)
  ougai
  pry
  rake (~> 12.3.3)
  resque-retry
  resque-uniqueness!
  rspec (~> 3.0)
  rspec-its
  rubocop
  rubocop-rspec
  saharspec (~> 0.0.5)
  timecop

BUNDLED WITH
   2.1.4
